PATH
  remote: .
  specs:
    rks (0.2.28)
      avro_turf (~> 0.8.1)
      logstash-logger (~> 0.26.1)
      poseidon (~> 0.0.5)
      ruby-kafka (~> 0.7.2)
      sidekiq (~> 5.2.2)
      sidekiq-pro (~> 4.0.4)

GEM
  remote: https://rubygems.org/
  remote: https://46617433:56bec501@gems.contribsys.com/
  specs:
    avro (1.8.2)
      multi_json
    avro_turf (0.8.1)
      avro (>= 1.7.7, < 1.9)
      excon (~> 0.45)
    byebug (10.0.2)
    concurrent-ruby (1.0.5)
    connection_pool (2.2.2)
    diff-lcs (1.3)
    digest-crc (0.4.1)
    excon (0.62.0)
    logstash-event (1.2.02)
    logstash-logger (0.26.1)
      logstash-event (~> 1.2)
    minitest (5.11.3)
    multi_json (1.13.1)
    poseidon (0.0.5)
    rack (2.0.5)
    rack-protection (2.0.4)
      rack
    rake (10.5.0)
    redis (4.0.3)
    rspec (3.8.0)
      rspec-core (~> 3.8.0)
      rspec-expectations (~> 3.8.0)
      rspec-mocks (~> 3.8.0)
    rspec-core (3.8.0)
      rspec-support (~> 3.8.0)
    rspec-expectations (3.8.2)
      diff-lcs (>= 1.2.0, < 2.0)
      rspec-support (~> 3.8.0)
    rspec-mocks (3.8.0)
      diff-lcs (>= 1.2.0, < 2.0)
      rspec-support (~> 3.8.0)
    rspec-support (3.8.0)
    ruby-kafka (0.7.4)
      digest-crc
    sidekiq (5.2.2)
      connection_pool (~> 2.2, >= 2.2.2)
      rack-protection (>= 1.5.0)
      redis (>= 3.3.5, < 5)
    sidekiq-pro (4.0.4)
      concurrent-ruby (>= 1.0.5)
      sidekiq (>= 5.2.1)

PLATFORMS
  ruby

DEPENDENCIES
  bundler (~> 1.16)
  byebug
  minitest
  rake (~> 10.0)
  rks!
  rspec (~> 3.0)
  sidekiq-pro (= 4.0.4)!

BUNDLED WITH
   1.16.6
