PATH
  remote: .
  specs:
    rks (0.2.10)
      logstash-logger (~> 0.26.1)
      poseidon (~> 0.0.5)
      ruby-kafka (~> 0.7.2)
      sidekiq (~> 5.2.2)
      sidekiq-pro (~> 3.5.4)

GEM
  remote: https://rubygems.org/
  remote: https://RxypSkbedG3QSGsscb6U@gem.fury.io/kiterminal/
  specs:
    connection_pool (2.2.2)
    diff-lcs (1.3)
    digest-crc (0.4.1)
    logstash-event (1.2.02)
    logstash-logger (0.26.1)
      logstash-event (~> 1.2)
    poseidon (0.0.5)
    rack (2.0.5)
    rack-protection (2.0.4)
      rack
    rake (10.5.0)
    redis (4.0.2)
    rspec (3.8.0)
      rspec-core (~> 3.8.0)
      rspec-expectations (~> 3.8.0)
      rspec-mocks (~> 3.8.0)
    rspec-core (3.8.0)
      rspec-support (~> 3.8.0)
    rspec-expectations (3.8.2)
      diff-lcs (>= 1.2.0, < 2.0)
      rspec-support (~> 3.8.0)
    rspec-mocks (3.8.0)
      diff-lcs (>= 1.2.0, < 2.0)
      rspec-support (~> 3.8.0)
    rspec-support (3.8.0)
    ruby-kafka (0.7.3)
      digest-crc
    sidekiq (5.2.2)
      connection_pool (~> 2.2, >= 2.2.2)
      rack-protection (>= 1.5.0)
      redis (>= 3.3.5, < 5)
    sidekiq-pro (3.5.4)
      sidekiq (>= 4.1.5)

PLATFORMS
  ruby

DEPENDENCIES
  bundler (~> 1.16)
  rake (~> 10.0)
  rks!
  rspec (~> 3.0)

BUNDLED WITH
   1.16.2
